GEM
  remote: https://rubygems.org/
  specs:
    bson (4.15.0)
    elastic-transport (8.0.1)
      faraday (~> 1)
      multi_json
    elasticsearch (8.2.2)
      elastic-transport (~> 8.0)
      elasticsearch-api (= 8.2.2)
    elasticsearch-api (8.2.2)
      multi_json
    faraday (1.10.0)
      faraday-em_http (~> 1.0)
      faraday-em_synchrony (~> 1.0)
      faraday-excon (~> 1.1)
      faraday-httpclient (~> 1.0)
      faraday-multipart (~> 1.0)
      faraday-net_http (~> 1.0)
      faraday-net_http_persistent (~> 1.0)
      faraday-patron (~> 1.0)
      faraday-rack (~> 1.0)
      faraday-retry (~> 1.0)
      ruby2_keywords (>= 0.0.4)
    faraday-em_http (1.0.0)
    faraday-em_synchrony (1.0.0)
    faraday-excon (1.1.0)
    faraday-httpclient (1.0.1)
    faraday-multipart (1.0.4)
      multipart-post (~> 2)
    faraday-net_http (1.0.1)
    faraday-net_http_persistent (1.2.0)
    faraday-patron (1.0.0)
    faraday-rack (1.0.0)
    faraday-retry (1.0.3)
    mongo (2.17.1)
      bson (>= 4.8.2, < 5.0.0)
    multi_json (1.15.0)
    multipart-post (2.2.3)
    ruby2_keywords (0.0.5)

PLATFORMS
  x86_64-linux

DEPENDENCIES
  elasticsearch (~> 8.2, >= 8.2.2)
  mongo (~> 2.17, >= 2.17.1)

BUNDLED WITH
   2.3.13
